PATH
  remote: .
  specs:
    example (0.6.0)

GEM
  remote: https://rubygems.org/
  specs:
    minitest (5.14.4)
    rake (12.3.1)

PLATFORMS
  ruby

DEPENDENCIES
  example!
  minitest (~> 5.0)
  rake (~> 12.0)

BUNDLED WITH
   2.5.10
